GEM
  remote: https://rubygems.org/
  specs:
    certified (1.0.0)
    crass (1.0.3)
    firebase (0.2.6)
      httpclient
      json
    httpclient (2.8.3)
    json (2.1.0)
    jwt (2.1.0)
    mini_portile2 (2.3.0)
    nokogiri (1.8.2)
      mini_portile2 (~> 2.3.0)
    nokogiri (1.8.2-x86-mingw32)
      mini_portile2 (~> 2.3.0)
    nokogumbo (1.5.0)
      nokogiri
    rack (1.6.5)
    rack-protection (1.5.3)
      rack
    rack-ssl (1.4.1)
      rack
    sanitize (4.6.0)
      crass (~> 1.0.2)
      nokogiri (>= 1.4.4)
      nokogumbo (~> 1.4)
    sinatra (1.4.8)
      rack (~> 1.5)
      rack-protection (~> 1.4)
      tilt (>= 1.3, < 3)
    tilt (2.0.7)

PLATFORMS
  ruby
  x86-mingw32

DEPENDENCIES
  certified
  firebase
  jwt
  rack-ssl
  sanitize
  sinatra

RUBY VERSION
   ruby 2.3.1p112

BUNDLED WITH
   1.16.1
